{
	"EEGChannelCount":67,
	"EEGReference":"ref",
	"InstitutionAddress":"Chongqing, China",
	"InstitutionName":"University-Town Hospital of Chongqing Medical University",
	"InstitutionalDepartmentName":"Mental Health Center",
	"PowerLineFrequency":50,
	"RecordingDuration":418.013,
	"SamplingFrequency":1000,
	"SoftwareFilters":"n/a",
	"TaskDescription":"Resting states with eye open",
	"TaskName":"resting_eye_open",
	"TriggerChannelCount":1
}
