Brain Vision Data Exchange Header File Version 1.0
; Data created by FieldTrip

[Common Infos]
Codepage=UTF-8
DataFile=sub-18_task-MOBAgame_eeg.eeg
MarkerFile=sub-18_task-MOBAgame_eeg.vmrk
DataFormat=BINARY
DataOrientation=MULTIPLEXED
NumberOfChannels=67
SamplingInterval=1000.000000

[Binary Infos]
BinaryFormat=IEEE_FLOAT_32

[Channel Infos]
Ch1=FP1,,1,ÂµV
Ch2=FPZ,,1,ÂµV
Ch3=FP2,,1,ÂµV
Ch4=AF3,,1,ÂµV
Ch5=AF4,,1,ÂµV
Ch6=F7,,1,ÂµV
Ch7=F5,,1,ÂµV
Ch8=F3,,1,ÂµV
Ch9=F1,,1,ÂµV
Ch10=FZ,,1,ÂµV
Ch11=F2,,1,ÂµV
Ch12=F4,,1,ÂµV
Ch13=F6,,1,ÂµV
Ch14=F8,,1,ÂµV
Ch15=FT7,,1,ÂµV
Ch16=FC5,,1,ÂµV
Ch17=FC3,,1,ÂµV
Ch18=FC1,,1,ÂµV
Ch19=FCZ,,1,ÂµV
Ch20=FC2,,1,ÂµV
Ch21=FC4,,1,ÂµV
Ch22=FC6,,1,ÂµV
Ch23=FT8,,1,ÂµV
Ch24=T7,,1,ÂµV
Ch25=C5,,1,ÂµV
Ch26=C3,,1,ÂµV
Ch27=C1,,1,ÂµV
Ch28=CZ,,1,ÂµV
Ch29=C2,,1,ÂµV
Ch30=C4,,1,ÂµV
Ch31=C6,,1,ÂµV
Ch32=T8,,1,ÂµV
Ch33=M1,,1,ÂµV
Ch34=TP7,,1,ÂµV
Ch35=CP5,,1,ÂµV
Ch36=CP3,,1,ÂµV
Ch37=CP1,,1,ÂµV
Ch38=CPZ,,1,ÂµV
Ch39=CP2,,1,ÂµV
Ch40=CP4,,1,ÂµV
Ch41=CP6,,1,ÂµV
Ch42=TP8,,1,ÂµV
Ch43=M2,,1,ÂµV
Ch44=P7,,1,ÂµV
Ch45=P5,,1,ÂµV
Ch46=P3,,1,ÂµV
Ch47=P1,,1,ÂµV
Ch48=PZ,,1,ÂµV
Ch49=P2,,1,ÂµV
Ch50=P4,,1,ÂµV
Ch51=P6,,1,ÂµV
Ch52=P8,,1,ÂµV
Ch53=PO7,,1,ÂµV
Ch54=PO5,,1,ÂµV
Ch55=PO3,,1,ÂµV
Ch56=POZ,,1,ÂµV
Ch57=PO4,,1,ÂµV
Ch58=PO6,,1,ÂµV
Ch59=PO8,,1,ÂµV
Ch60=CB1,,1,ÂµV
Ch61=O1,,1,ÂµV
Ch62=OZ,,1,ÂµV
Ch63=O2,,1,ÂµV
Ch64=CB2,,1,ÂµV
Ch65=HEO,,1,ÂµV
Ch66=VEO,,1,ÂµV
Ch67=TRIGGER,,1,unknown